GIT
  remote: git://github.com/pfeffed/sonos.git
  revision: 656375c625276a5f91d516720bbeaae6eb7fc92c
  branch: master
  specs:
    sonos (0.3.4)
      httpclient
      nokogiri
      savon (~> 2.0)
      thor

GEM
  specs:
    akami (1.2.0)
      gyoku (>= 0.4.0)
      nokogiri (>= 1.4.0)
    builder (3.2.2)
    daemons (1.1.9)
    eventmachine (1.0.3)
    gyoku (1.1.0)
      builder (>= 2.1.2)
    httpclient (2.3.4.1)
    httpi (2.1.0)
      rack
      rubyntlm (~> 0.3.2)
    mime-types (1.25.1)
    nokogiri (1.5.11)
    nori (2.3.0)
    rack (1.5.2)
    rack-protection (1.5.0)
      rack
    rubyntlm (0.3.4)
    savon (2.3.0)
      akami (~> 1.2.0)
      builder (>= 2.1.2)
      gyoku (~> 1.1.0)
      httpi (~> 2.1.0)
      nokogiri (>= 1.4.0, < 1.6)
      nori (~> 2.3.0)
      wasabi (~> 3.2.0)
    sinatra (1.4.4)
      rack (~> 1.4)
      rack-protection (~> 1.4)
      tilt (~> 1.3, >= 1.3.4)
    thin (1.5.1)
      daemons (>= 1.0.9)
      eventmachine (>= 0.12.6)
      rack (>= 1.0.0)
    thor (0.18.1)
    tilt (1.4.1)
    wasabi (3.2.3)
      httpi (~> 2.0)
      mime-types (< 2.0.0)
      nokogiri (>= 1.4.0)

PLATFORMS
  ruby

DEPENDENCIES
  sinatra
  sonos!
  thin
